GEM
  remote: https://rubygems.org/
  specs:
    rack (2.2.6.4)

PLATFORMS
  ruby

DEPENDENCIES
  rack (>= 2.1.4)

RUBY VERSION
   ruby 2.7.5p203

BUNDLED WITH
   2.1.4
