GEM
  remote: https://rubygems.org/
  specs:
    rack (1.6.8)
    sinatra (1.1.0)
      rack (~> 1.1)
      tilt (~> 1.1)
    tilt (1.4.1)

PLATFORMS
  ruby

DEPENDENCIES
  sinatra (= 1.1.0)

RUBY VERSION
   ruby 2.7.5p203

BUNDLED WITH
   2.1.4
